GEM
  remote: https://rubygems.org/
  specs:
    cool.io (1.5.0)
    fluentd (0.10.62)
      cool.io (>= 1.1.1, < 2.0.0, != 1.2.0)
      http_parser.rb (>= 0.5.1, < 0.7.0)
      json (>= 1.4.3, < 2.0.0)
      msgpack (>= 0.4.4, < 0.6.0, != 0.5.9, != 0.5.8, != 0.5.7, != 0.5.6, != 0.5.5, != 0.5.4, != 0.5.3, != 0.5.2, != 0.5.10, != 0.5.1, != 0.5.0)
      sigdump (~> 0.2.2)
      tzinfo (>= 1.0.0)
      tzinfo-data (>= 1.0.0)
      yajl-ruby (~> 1.0)
    http_parser.rb (0.6.0)
    json (1.8.6)
    msgpack (0.4.7)
    sigdump (0.2.4)
    thread_safe (0.3.6)
    tzinfo (1.2.3)
      thread_safe (~> 0.1)
    tzinfo-data (1.2017.2)
      tzinfo (>= 1.0.0)
    yajl-ruby (1.3.0)

PLATFORMS
  ruby

DEPENDENCIES
  fluentd (~> 0.10.0)
  msgpack (~> 0.4.0)

BUNDLED WITH
   1.10.6
